GEM
  remote: https://rubygems.org/
  specs:
    audite (0.3.0)
    hashie (2.1.2)
    httmultiparty (0.3.15)
      httparty (>= 0.7.3)
      mimemagic
      multipart-post
    httparty (0.11.0)
      multi_json (~> 1.0)
      multi_xml (>= 0.5.2)
    json (1.7.6)
    metaclass (0.0.1)
    mimemagic (0.2.1)
    mocha (0.12.7)
      metaclass (~> 0.0.1)
    multi_json (1.10.1)
    multi_xml (0.5.5)
    multipart-post (2.0.0)
    soundcloud (0.3.2)
      hashie (~> 2.0)
      httmultiparty (~> 0.3.0)

PLATFORMS
  ruby

DEPENDENCIES
  audite
  json
  mocha
  soundcloud
